GEM
  remote: https://rubygems.org/
  specs:
    json (2.10.1)
    rake (13.2.1)

PLATFORMS
  ruby

DEPENDENCIES
  json
  rake
