GEM
  remote: https://rubygems.org/
  specs:
    json (2.5.1)
    rake (13.0.1)

PLATFORMS
  ruby

DEPENDENCIES
  json
  rake
