GEM
  remote: https://rubygems.org/
  specs:
    json (2.3.0)
    rake (13.0.6)

PLATFORMS
  ruby

DEPENDENCIES
  json
  rake
