GEM
  remote: https://rubygems.org/
  specs:
    json (2.15.0)
    rake (13.3.0)

PLATFORMS
  ruby

DEPENDENCIES
  json
  rake
