GEM
  remote: https://rubygems.org/
  specs:
    json (2.7.1)
    rake (13.1.0)

PLATFORMS
  ruby

DEPENDENCIES
  json
  rake
