GEM
  remote: https://rubygems.org/
  specs:
    json (2.11.3)
    rake (13.2.1)

PLATFORMS
  ruby

DEPENDENCIES
  json
  rake
