GEM
  remote: https://rubygems.org/
  specs:
    json (2.6.2)
    rake (13.0.6)

PLATFORMS
  ruby

DEPENDENCIES
  json
  rake
