GEM
  remote: https://rubygems.org/
  specs:
    json (2.6.3)
    rake (13.1.0)

PLATFORMS
  ruby

DEPENDENCIES
  json
  rake
