GEM
  remote: https://rubygems.org/
  specs:
    json (2.2.0)
    rake (12.3.3)

PLATFORMS
  ruby
  x86_64-darwin-17

DEPENDENCIES
  json
  rake

BUNDLED WITH
   1.16.3
